PATH
  remote: .
  specs:
    relateiq_client (0.1.0)
      rest-client (~> 1.8)

GEM
  remote: https://rubygems.org/
  specs:
    addressable (2.3.8)
    ast (2.0.0)
    astrolabe (1.3.0)
      parser (>= 2.2.0.pre.3, < 3.0)
    binding_of_caller (0.7.2)
      debug_inspector (>= 0.0.1)
    cadre (1.0.1)
      thor (>= 0.14, < 1.0)
      tilt (> 1.0)
      valise (~> 1.1.2)
    codeclimate-test-reporter (0.2.0)
      simplecov (>= 0.7.1, < 1.0.0)
    coderay (1.1.0)
    colored (1.2)
    crack (0.4.2)
      safe_yaml (~> 1.0.0)
    debug_inspector (0.0.2)
    diff-lcs (1.2.5)
    domain_name (0.5.24)
      unf (>= 0.0.5, < 1.0.0)
    http-cookie (1.0.2)
      domain_name (~> 0.5)
    httparty (0.13.5)
      json (~> 1.8)
      multi_xml (>= 0.5.2)
    json (1.8.2)
    method_source (0.8.2)
    mime-types (2.6.2)
    multi_json (1.10.1)
    multi_xml (0.5.5)
    netrc (0.10.3)
    parser (2.2.2.0)
      ast (>= 1.1, < 3.0)
    powerpack (0.1.0)
    pry (0.10.1)
      coderay (~> 1.1.0)
      method_source (~> 0.8.1)
      slop (~> 3.4)
    pry-stack_explorer (0.4.9.1)
      binding_of_caller (>= 0.7)
      pry (>= 0.9.11)
    rainbow (2.0.0)
    rake (10.4.2)
    rest-client (1.8.0)
      http-cookie (>= 1.0.2, < 2.0)
      mime-types (>= 1.16, < 3.0)
      netrc (~> 0.7)
    rspec (3.1.0)
      rspec-core (~> 3.1.0)
      rspec-expectations (~> 3.1.0)
      rspec-mocks (~> 3.1.0)
    rspec-core (3.1.4)
      rspec-support (~> 3.1.0)
    rspec-expectations (3.1.2)
      diff-lcs (>= 1.2.0, < 2.0)
      rspec-support (~> 3.1.0)
    rspec-mocks (3.1.2)
      rspec-support (~> 3.1.0)
    rspec-support (3.1.1)
    rubocop (0.30.0)
      astrolabe (~> 1.3)
      parser (>= 2.2.0.1, < 3.0)
      powerpack (~> 0.1)
      rainbow (>= 1.99.1, < 3.0)
      ruby-progressbar (~> 1.4)
    ruby-progressbar (1.7.5)
    safe_yaml (1.0.4)
    simplecov (0.7.1)
      multi_json (~> 1.0)
      simplecov-html (~> 0.7.1)
    simplecov-html (0.7.1)
    simplecov-json (0.2)
      json
      simplecov
    slop (3.6.0)
    terminal-table (1.4.5)
    thor (0.19.1)
    tilt (2.0.1)
    unf (0.1.4)
      unf_ext
    unf_ext (0.0.7.1)
    valise (1.1.4)
    webmock (1.21.0)
      addressable (>= 2.3.6)
      crack (>= 0.3.2)
    zenflow (0.8.12)
      colored (~> 1.2)
      httparty (~> 0.13.0)
      terminal-table (~> 1.4.5)
      thor (~> 0.19.0)

PLATFORMS
  ruby

DEPENDENCIES
  bundler (~> 1.7)
  cadre
  codeclimate-test-reporter
  pry (~> 0.10)
  pry-stack_explorer (~> 0.4.9)
  rake (~> 10.0)
  relateiq_client!
  rspec (~> 3.1)
  rubocop
  simplecov
  simplecov-json
  webmock
  zenflow

BUNDLED WITH
   1.10.6
